GEM
  remote: https://rubygems.org/
  specs:
    sweet_message (0.0.1)

PLATFORMS
  arm64-darwin-21
  ruby

DEPENDENCIES
  sweet_message (~> 0.0.1)

BUNDLED WITH
   2.5.9
