GEM
  remote: https://rubygems.org/
  specs:
    awesome_print (1.9.2)

PLATFORMS
  arm64-darwin-21
  ruby

DEPENDENCIES
  awesome_print (~> 1.9, >= 1.9.2)

BUNDLED WITH
   2.5.9
